PATH
  remote: .
  specs:
    vagrant-qemu (0.2.22)

GEM
  remote: https://rubygems.org/
  specs:

PLATFORMS
  ruby

DEPENDENCIES
  vagrant-qemu!

BUNDLED WITH
   2.1.4
